GEM
  remote: https://rubygems.org/
  specs:
    clamp (1.2.1)
    diff-lcs (1.3)
    equatable (0.5.0)
    necromancer (0.4.0)
    pastel (0.7.2)
      equatable (~> 0.5.0)
      tty-color (~> 0.4.0)
    rake (12.3.1)
    rspec (3.7.0)
      rspec-core (~> 3.7.0)
      rspec-expectations (~> 3.7.0)
      rspec-mocks (~> 3.7.0)
    rspec-core (3.7.1)
      rspec-support (~> 3.7.0)
    rspec-expectations (3.7.0)
      diff-lcs (>= 1.2.0, < 2.0)
      rspec-support (~> 3.7.0)
    rspec-mocks (3.7.0)
      diff-lcs (>= 1.2.0, < 2.0)
      rspec-support (~> 3.7.0)
    rspec-support (3.7.1)
    strings (0.1.1)
      unicode-display_width (~> 1.3.0)
      unicode_utils (~> 1.4.0)
    tty-color (0.4.3)
    tty-screen (0.6.5)
    tty-table (0.10.0)
      equatable (~> 0.5.0)
      necromancer (~> 0.4.0)
      pastel (~> 0.7.2)
      strings (~> 0.1.0)
      tty-screen (~> 0.6.4)
    unicode-display_width (1.3.3)
    unicode_utils (1.4.0)

PLATFORMS
  ruby

DEPENDENCIES
  clamp
  rake
  rspec
  tty-table

BUNDLED WITH
   1.16.1
